GEM
  remote: http://www.rubygems.org/
  specs:
    dino (0.10.0)
      serialport
    serialport (1.1.0)

PLATFORMS
  ruby

DEPENDENCIES
  dino
